PATH
  remote: .
  specs:
    turnip_documentation_formatter (0.1)
      rspec (~> 3.10)
      turnip (~> 4.4)

GEM
  remote: https://rubygems.org/
  specs:
    cucumber-gherkin (24.1.0)
      cucumber-messages (~> 19.1, >= 19.1.4)
    cucumber-messages (19.1.4)
    cuke_modeler (3.17.0)
      cucumber-gherkin (< 25.0)
    diff-lcs (1.5.0)
    rake (13.0.6)
    rspec (3.12.0)
      rspec-core (~> 3.12.0)
      rspec-expectations (~> 3.12.0)
      rspec-mocks (~> 3.12.0)
    rspec-core (3.12.0)
      rspec-support (~> 3.12.0)
    rspec-expectations (3.12.0)
      diff-lcs (>= 1.2.0, < 2.0)
      rspec-support (~> 3.12.0)
    rspec-mocks (3.12.0)
      diff-lcs (>= 1.2.0, < 2.0)
      rspec-support (~> 3.12.0)
    rspec-support (3.12.0)
    turnip (4.4.0)
      cuke_modeler (~> 3.15)
      rspec (>= 3.0, < 4.0)

PLATFORMS
  x86_64-linux

DEPENDENCIES
  rake (~> 13.0)
  rspec (~> 3.0)
  turnip_documentation_formatter!

BUNDLED WITH
   2.2.25
